GEM
  remote: https://ruby.taobao.org/
  specs:
    backports (3.6.4)
    daemons (1.2.2)
    eventmachine (1.0.7)
    mini_portile (0.6.2)
    multi_json (1.11.0)
    nokogiri (1.6.6.2)
      mini_portile (~> 0.6.0)
    rack (1.5.2)
    rack-protection (1.5.3)
      rack
    rack-test (0.6.3)
      rack (>= 1.0)
    rake (10.3.2)
    rakeup (1.2.0)
      rack (~> 1.5.0)
      rake (~> 10.3.0)
    sinatra (1.4.6)
      rack (~> 1.4)
      rack-protection (~> 1.4)
      tilt (>= 1.3, < 3)
    sinatra-contrib (1.4.2)
      backports (>= 2.0)
      multi_json
      rack-protection
      rack-test
      sinatra (~> 1.4.0)
      tilt (~> 1.3)
    thin (1.5.1)
      daemons (>= 1.0.9)
      eventmachine (>= 0.12.6)
      rack (>= 1.0.0)
    tilt (1.4.1)
    xcpretty (0.1.8)
    xctasks (0.5.0)
      nokogiri (~> 1.6, >= 1.6.3.1)
      rake (~> 10.0, >= 10.0.0)

PLATFORMS
  ruby

DEPENDENCIES
  rakeup (~> 1.2.0)
  sinatra (~> 1.4.0)
  sinatra-contrib (~> 1.4.0)
  thin (~> 1.5.0)
  xcpretty (~> 0.1.6)
  xctasks (~> 0.5.0)

BUNDLED WITH
   1.10.6
